PATH
  remote: .
  specs:
    danger-regexp (1.1.0)
      danger
      git_diff_parser (~> 3.1)

GEM
  remote: https://rubygems.org/
  specs:
    addressable (2.8.0)
      public_suffix (>= 2.0.2, < 5.0)
    byebug (11.1.3)
    claide (1.0.3)
    claide-plugins (0.9.2)
      cork
      nap
      open4 (~> 1.3)
    coderay (1.1.3)
    colored2 (3.1.2)
    cork (0.3.0)
      colored2 (~> 3.1)
    danger (8.4.0)
      claide (~> 1.0)
      claide-plugins (>= 0.9.2)
      colored2 (~> 3.1)
      cork (~> 0.1)
      faraday (>= 0.9.0, < 2.0)
      faraday-http-cache (~> 2.0)
      git (~> 1.7)
      kramdown (~> 2.3)
      kramdown-parser-gfm (~> 1.0)
      no_proxy_fix
      octokit (~> 4.7)
      terminal-table (>= 1, < 4)
    diff-lcs (1.4.4)
    faraday (1.8.0)
      faraday-em_http (~> 1.0)
      faraday-em_synchrony (~> 1.0)
      faraday-excon (~> 1.1)
      faraday-httpclient (~> 1.0.1)
      faraday-net_http (~> 1.0)
      faraday-net_http_persistent (~> 1.1)
      faraday-patron (~> 1.0)
      faraday-rack (~> 1.0)
      multipart-post (>= 1.2, < 3)
      ruby2_keywords (>= 0.0.4)
    faraday-em_http (1.0.0)
    faraday-em_synchrony (1.0.0)
    faraday-excon (1.1.0)
    faraday-http-cache (2.2.0)
      faraday (>= 0.8)
    faraday-httpclient (1.0.1)
    faraday-net_http (1.0.1)
    faraday-net_http_persistent (1.2.0)
    faraday-patron (1.0.0)
    faraday-rack (1.0.0)
    git (1.13.1)
      addressable (~> 2.8)
      rchardet (~> 1.8)
    git_diff_parser (3.2.0)
    kramdown (2.3.1)
      rexml
    kramdown-parser-gfm (1.1.0)
      kramdown (~> 2.0)
    method_source (1.0.0)
    multipart-post (2.1.1)
    nap (1.1.0)
    no_proxy_fix (0.1.2)
    octokit (4.21.0)
      faraday (>= 0.9)
      sawyer (~> 0.8.0, >= 0.5.3)
    open4 (1.3.4)
    pry (0.13.1)
      coderay (~> 1.1)
      method_source (~> 1.0)
    pry-byebug (3.9.0)
      byebug (~> 11.0)
      pry (~> 0.13.0)
    public_suffix (4.0.6)
    rake (13.0.6)
    rchardet (1.8.0)
    rexml (3.2.5)
    rspec (3.10.0)
      rspec-core (~> 3.10.0)
      rspec-expectations (~> 3.10.0)
      rspec-mocks (~> 3.10.0)
    rspec-core (3.10.1)
      rspec-support (~> 3.10.0)
    rspec-expectations (3.10.1)
      diff-lcs (>= 1.2.0, < 2.0)
      rspec-support (~> 3.10.0)
    rspec-mocks (3.10.2)
      diff-lcs (>= 1.2.0, < 2.0)
      rspec-support (~> 3.10.0)
    rspec-support (3.10.2)
    ruby2_keywords (0.0.5)
    sawyer (0.8.2)
      addressable (>= 2.3.5)
      faraday (> 0.8, < 2.0)
    terminal-table (3.0.2)
      unicode-display_width (>= 1.1.1, < 3)
    unicode-display_width (2.1.0)

PLATFORMS
  x86_64-linux

DEPENDENCIES
  bundler (>= 2.2.10)
  danger-regexp!
  pry-byebug
  rake (>= 12.3.3)
  rspec

BUNDLED WITH
   2.2.22
